PATH
  remote: .
  specs:
    heatmap (0.0.1)
      rmagick

GEM
  remote: http://rubygems.org/
  specs:
    diff-lcs (1.1.2)
    rmagick (2.13.1)
    rspec (2.0.1)
      rspec-core (~> 2.0.1)
      rspec-expectations (~> 2.0.1)
      rspec-mocks (~> 2.0.1)
    rspec-core (2.0.1)
    rspec-expectations (2.0.1)
      diff-lcs (>= 1.1.2)
    rspec-mocks (2.0.1)
      rspec-core (~> 2.0.1)
      rspec-expectations (~> 2.0.1)
    watchr (0.7)

PLATFORMS
  ruby

DEPENDENCIES
  bundler (>= 1.0.0)
  heatmap!
  rspec (~> 2.0.1)
  watchr (~> 0.6)
